GEM
  remote: http://rubygems.org/
  specs:
    ruby-sasl (0.0.3)

PLATFORMS
  ruby

DEPENDENCIES
  ruby-sasl
